PATH
  remote: .
  specs:
    cliptic (0.1.0)
      curb (~> 0.9.11)
      curses (~> 1.4.0)
      sqlite3 (~> 1.4.2)

GEM
  remote: https://rubygems.org/
  specs:
    curb (0.9.11)
    curses (1.4.0)
    rake (13.0.3)
    sqlite3 (1.4.2)

PLATFORMS
  x86_64-darwin-18

DEPENDENCIES
  cliptic!
  rake (~> 13.0)

BUNDLED WITH
   2.2.15
