PATH
  remote: .
  specs:
    cliptic (0.1.0)

GEM
  remote: https://rubygems.org/
  specs:
    rake (13.0.3)

PLATFORMS
  x86_64-darwin-18

DEPENDENCIES
  cliptic!
  rake (~> 13.0)

BUNDLED WITH
   2.2.15
